GEM
  remote: https://rubygems.org/
  specs:
    daemons (1.2.3)
    eventmachine (1.0.8)
    flickraw (0.9.8)
    haml (4.0.6)
      tilt
    json (1.8.3)
    prizm (0.0.3)
      rmagick
    rack (1.6.4)
    rack-protection (1.5.3)
      rack
    rmagick (2.13.4)
    sequel (4.24.0)
    sinatra (1.4.6)
      rack (~> 1.4)
      rack-protection (~> 1.4)
      tilt (>= 1.3, < 3)
    sqlite3 (1.3.10)
    thin (1.6.3)
      daemons (~> 1.0, >= 1.0.9)
      eventmachine (~> 1.0)
      rack (~> 1.0)
    tilt (2.0.1)

PLATFORMS
  ruby

DEPENDENCIES
  flickraw
  haml
  json
  prizm
  rmagick (~> 2.13.2)
  sequel
  sinatra
  sqlite3
  thin
